GEM
  specs:
    gosu (0.8.7.2)

PLATFORMS
  ruby

DEPENDENCIES
  gosu
